STORAGE: NONE
NUGET
  remote: https://api.nuget.org/v3/index.json
    Fable.Core (4.3)
    Fable.Package.SDK (1.0) - restriction: >= netstandard2.0
    FSharp.Core (8.0.301)
    Newtonsoft.Json (13.0.3) - restriction: || (>= net46) (>= netstandard2.0)
    Thoth.Json (10.2)
      Fable.Core (>= 3.6.2) - restriction: >= netstandard2.0
      FSharp.Core (>= 4.7.2) - restriction: >= netstandard2.0
    Thoth.Json.Core (0.3)
      Fable.Core (>= 4.1) - restriction: >= netstandard2.0
      Fable.Package.SDK (>= 0.1) - restriction: >= netstandard2.0
      FSharp.Core (>= 5.0) - restriction: >= netstandard2.0
    Thoth.Json.JavaScript (0.2)
      Fable.Core (>= 4.1) - restriction: >= netstandard2.0
      Fable.Package.SDK (>= 0.1) - restriction: >= netstandard2.0
      FSharp.Core (>= 5.0) - restriction: >= netstandard2.0
      Thoth.Json.Core (>= 0.3) - restriction: >= netstandard2.0
    Thoth.Json.Net (12.0)
      Fable.Core (>= 3.1.6) - restriction: && (< net46) (>= netstandard2.0)
      FSharp.Core (>= 4.7.2) - restriction: || (>= net46) (>= netstandard2.0)
      Newtonsoft.Json (>= 13.0.1) - restriction: || (>= net46) (>= netstandard2.0)
