STORAGE: NONE
NUGET
  remote: https://api.nuget.org/v3/index.json
    Fable.Core (4.3)
    Fable.Package.SDK (1.1) - restriction: >= netstandard2.0
    Fable.Promise (3.2)
      Fable.Core (>= 3.7.1) - restriction: >= netstandard2.0
      FSharp.Core (>= 4.7.2) - restriction: >= netstandard2.0
    FSharp.Core (8.0.401)
    Thoth.Json.Core (0.4)
      Fable.Core (>= 4.1) - restriction: >= netstandard2.0
      Fable.Package.SDK (>= 1.0) - restriction: >= netstandard2.0
      FSharp.Core (>= 5.0) - restriction: >= netstandard2.0
    Thoth.Json.JavaScript (0.3)
      Fable.Core (>= 4.1) - restriction: >= netstandard2.0
      Fable.Package.SDK (>= 1.0) - restriction: >= netstandard2.0
      FSharp.Core (>= 5.0) - restriction: >= netstandard2.0
      Thoth.Json.Core (>= 0.4) - restriction: >= netstandard2.0
